GIT
  remote: git@gitlab.dd-life.com:common_utility/short_url.git
  revision: aa1cb47586b9467a931da31cd862886b04f68e95
  branch: master
  specs:
    short_url (0.1.1)
      addressable
      rails (>= 7.1)

GIT
  remote: git@gitlab.dd-life.com:corp.front_end/easy_style_engine.git
  revision: 1ccc8b5c66693384a9c719a3bf14ea9769f20cb2
  branch: main
  specs:
    easy_style (0.1.0)
      breadcrumbs_on_rails
      browser
      chartkick
      importmap-rails
      kaminari
      rails (~> 7.0)
      requestjs-rails
      stimulus-rails
      turbo-rails

GIT
  remote: git@gitlab.dd-life.com:shared/omni_account.git
  revision: 80e96bbb2f7f3cdec02468a5ad702897e7ecd042
  branch: master
  specs:
    omni_account (0.2.1)
      rails (>= 6.1)

GIT
  remote: git@gitlab.dd-life.com:shared/omni_comment.git
  revision: cc96fb2fca7bad2ff4cc9422a756eb2b9d4bf162
  branch: master
  specs:
    omni_comment (0.1.1)
      rails (>= 6.1)

GIT
  remote: git@gitlab.dd-life.com:shared/omni_pay.git
  revision: aaea3518b74be41dfe8361d4af1dae65cf055e86
  branch: master
  specs:
    omni_pay (0.1.1)
      acts_as_list
      rails (>= 6.1)

GIT
  remote: git@gitlab.dd-life.com:shared/omni_region.git
  revision: 69f9b3fb295a2942741686f4216bbf7ae326e11d
  branch: master
  specs:
    omni_region (0.1.1)
      jbuilder
      rails (>= 6.1)
      ransack

GIT
  remote: git@gitlab.dd-life.com:shared/omni_role.git
  revision: ca866244faf952f57d3358264072975a75e8b116
  branch: master
  specs:
    omni_role (0.1.0)
      rails (>= 6.1)

GIT
  remote: git@gitlab.dd-life.com:shared/organization_auth.git
  revision: 7181b68e914dc2f1a449a036d5b76cad717bb478
  branch: main
  specs:
    organization_auth (0.1.0)
      accept_language
      acts-as-taggable-on (~> 10.0)
      acts_as_list
      awesome_nested_set
      base58
      bcrypt (~> 3.1)
      browser
      countries
      country_to_locales_mapping
      geocoder
      pundit
      rails (>= 7.0)
      retriable
      rotp
      rucaptcha
      tzinfo

GIT
  remote: git@gitlab.dd-life.com:shared/tenant_auth.git
  revision: 60c51d75c8039fd6fd031d05772a7ef833c46d9d
  branch: main
  specs:
    tenant_auth (0.1.0)
      accept_language
      acts-as-taggable-on (~> 10.0)
      base58
      bcrypt (~> 3.1)
      breadcrumbs_on_rails
      browser
      countries
      country_to_locales_mapping
      faraday
      geocoder
      inline_svg
      pundit
      rails (>= 7.0)
      retriable
      rucaptcha
      tzinfo

GIT
  remote: git@gitlab.dd-life.com:shared/user_auth.git
  revision: 869c49c7169689f47f9c1846ee4433d36320eb39
  branch: main
  specs:
    user_auth (0.1.0)
      accept_language
      acts-as-taggable-on (~> 10.0)
      base58
      bcrypt (~> 3.1)
      browser
      countries
      country_to_locales_mapping
      geocoder
      inline_svg
      pundit
      rails (>= 7.0)
      retriable
      rqrcode
      rucaptcha
      tzinfo
      with_advisory_lock

GIT
  remote: git@gitlab.dd-life.com:weixin.open/wechat_open_platform_proxy.git
  revision: 166e613d60c8967e3c8f7bd7740ef2d34f69188b
  branch: master
  specs:
    wechat_open_platform_proxy (0.1.1)
      addressable
      faraday
      faraday-multipart
      jbuilder
      kaminari
      rails (>= 6.1)

GIT
  remote: git@gitlab.dd-life.com:weixin.pay/wechat_vendor_platform_proxy.git
  revision: 00a2255265e2f56e4894b01f711d6e69edd110f9
  branch: master
  specs:
    wechat_vendor_platform_proxy (0.1.1)
      faraday
      faraday-multipart
      jbuilder
      kaminari
      rails (>= 7.0)
      ransack

PATH
  remote: .
  specs:
    omni_article (0.2.0)
      acts-as-taggable-on (~> 10.0)
      addressable
      base58
      breadcrumbs_on_rails
      jbuilder
      kaminari
      pundit
      rails (>= 7.1)
      ransack

GEM
  remote: https://rubygems.org/
  specs:
    accept_language (2.0.6)
    actioncable (7.1.3.2)
      actionpack (= 7.1.3.2)
      activesupport (= 7.1.3.2)
      nio4r (~> 2.0)
      websocket-driver (>= 0.6.1)
      zeitwerk (~> 2.6)
    actionmailbox (7.1.3.2)
      actionpack (= 7.1.3.2)
      activejob (= 7.1.3.2)
      activerecord (= 7.1.3.2)
      activestorage (= 7.1.3.2)
      activesupport (= 7.1.3.2)
      mail (>= 2.7.1)
      net-imap
      net-pop
      net-smtp
    actionmailer (7.1.3.2)
      actionpack (= 7.1.3.2)
      actionview (= 7.1.3.2)
      activejob (= 7.1.3.2)
      activesupport (= 7.1.3.2)
      mail (~> 2.5, >= 2.5.4)
      net-imap
      net-pop
      net-smtp
      rails-dom-testing (~> 2.2)
    actionpack (7.1.3.2)
      actionview (= 7.1.3.2)
      activesupport (= 7.1.3.2)
      nokogiri (>= 1.8.5)
      racc
      rack (>= 2.2.4)
      rack-session (>= 1.0.1)
      rack-test (>= 0.6.3)
      rails-dom-testing (~> 2.2)
      rails-html-sanitizer (~> 1.6)
    actiontext (7.1.3.2)
      actionpack (= 7.1.3.2)
      activerecord (= 7.1.3.2)
      activestorage (= 7.1.3.2)
      activesupport (= 7.1.3.2)
      globalid (>= 0.6.0)
      nokogiri (>= 1.8.5)
    actionview (7.1.3.2)
      activesupport (= 7.1.3.2)
      builder (~> 3.1)
      erubi (~> 1.11)
      rails-dom-testing (~> 2.2)
      rails-html-sanitizer (~> 1.6)
    activejob (7.1.3.2)
      activesupport (= 7.1.3.2)
      globalid (>= 0.3.6)
    activemodel (7.1.3.2)
      activesupport (= 7.1.3.2)
    activerecord (7.1.3.2)
      activemodel (= 7.1.3.2)
      activesupport (= 7.1.3.2)
      timeout (>= 0.4.0)
    activestorage (7.1.3.2)
      actionpack (= 7.1.3.2)
      activejob (= 7.1.3.2)
      activerecord (= 7.1.3.2)
      activesupport (= 7.1.3.2)
      marcel (~> 1.0)
    activesupport (7.1.3.2)
      base64
      bigdecimal
      concurrent-ruby (~> 1.0, >= 1.0.2)
      connection_pool (>= 2.2.5)
      drb
      i18n (>= 1.6, < 2)
      minitest (>= 5.1)
      mutex_m
      tzinfo (~> 2.0)
    acts-as-taggable-on (10.0.0)
      activerecord (>= 6.1, < 7.2)
    acts_as_list (1.1.0)
      activerecord (>= 4.2)
    addressable (2.8.6)
      public_suffix (>= 2.0.2, < 6.0)
    ansi (1.5.0)
    ast (2.4.2)
    awesome_nested_set (3.6.0)
      activerecord (>= 4.0.0, < 7.2)
    base58 (0.2.3)
    base64 (0.2.0)
    bcrypt (3.1.20)
    better_html (2.1.1)
      actionview (>= 6.0)
      activesupport (>= 6.0)
      ast (~> 2.0)
      erubi (~> 1.4)
      parser (>= 2.4)
      smart_properties
    bigdecimal (3.1.8)
    breadcrumbs_on_rails (4.1.0)
      railties (>= 5.0)
    browser (6.0.0)
    builder (3.2.4)
    capybara (3.40.0)
      addressable
      matrix
      mini_mime (>= 0.1.3)
      nokogiri (~> 1.11)
      rack (>= 1.6.0)
      rack-test (>= 0.6.3)
      regexp_parser (>= 1.5, < 3.0)
      xpath (~> 3.2)
    chartkick (5.0.6)
    chunky_png (1.4.0)
    coderay (1.1.3)
    concurrent-ruby (1.2.3)
    connection_pool (2.4.1)
    countries (6.0.0)
      unaccent (~> 0.3)
    country_to_locales_mapping (0.1.0)
    crack (1.0.0)
      bigdecimal
      rexml
    crass (1.0.6)
    csv (3.3.0)
    date (3.3.4)
    debug (1.9.2)
      irb (~> 1.10)
      reline (>= 0.3.8)
    drb (2.2.1)
    erubi (1.12.0)
    faraday (2.9.0)
      faraday-net_http (>= 2.0, < 3.2)
    faraday-multipart (1.0.4)
      multipart-post (~> 2)
    faraday-net_http (3.1.0)
      net-http
    ffi (1.16.3)
    formatador (1.1.0)
    gem-ctags (1.0.9)
    geocoder (1.8.3)
      base64 (>= 0.1.0)
      csv (>= 3.0.0)
    globalid (1.2.1)
      activesupport (>= 6.1)
    guard (2.18.1)
      formatador (>= 0.2.4)
      listen (>= 2.7, < 4.0)
      lumberjack (>= 1.0.12, < 2.0)
      nenv (~> 0.1)
      notiffany (~> 0.0)
      pry (>= 0.13.0)
      shellany (~> 0.0)
      thor (>= 0.18.1)
    guard-bundler (3.0.1)
      bundler (>= 2.1, < 3)
      guard (~> 2.2)
      guard-compat (~> 1.1)
    guard-compat (1.2.1)
    guard-minitest (2.4.6)
      guard-compat (~> 1.2)
      minitest (>= 3.0)
    guard-rubocop (1.5.0)
      guard (~> 2.0)
      rubocop (< 2.0)
    hashdiff (1.1.0)
    i18n (1.14.5)
      concurrent-ruby (~> 1.0)
    importmap-rails (2.0.1)
      actionpack (>= 6.0.0)
      activesupport (>= 6.0.0)
      railties (>= 6.0.0)
    inline_svg (1.9.0)
      activesupport (>= 3.0)
      nokogiri (>= 1.6)
    io-console (0.7.2)
    irb (1.13.1)
      rdoc (>= 4.0.0)
      reline (>= 0.4.2)
    jbuilder (2.12.0)
      actionview (>= 5.0.0)
      activesupport (>= 5.0.0)
    json (2.7.2)
    kaminari (1.2.2)
      activesupport (>= 4.1.0)
      kaminari-actionview (= 1.2.2)
      kaminari-activerecord (= 1.2.2)
      kaminari-core (= 1.2.2)
    kaminari-actionview (1.2.2)
      actionview
      kaminari-core (= 1.2.2)
    kaminari-activerecord (1.2.2)
      activerecord
      kaminari-core (= 1.2.2)
    kaminari-core (1.2.2)
    language_server-protocol (3.17.0.3)
    listen (3.9.0)
      rb-fsevent (~> 0.10, >= 0.10.3)
      rb-inotify (~> 0.9, >= 0.9.10)
    loofah (2.22.0)
      crass (~> 1.0.2)
      nokogiri (>= 1.12.0)
    lumberjack (1.2.10)
    mail (2.8.1)
      mini_mime (>= 0.1.1)
      net-imap
      net-pop
      net-smtp
    marcel (1.0.4)
    matrix (0.4.2)
    method_source (1.1.0)
    mini_mime (1.1.5)
    mini_portile2 (2.8.6)
    minitest (5.22.3)
    minitest-reporters (1.6.1)
      ansi
      builder
      minitest (>= 5.0)
      ruby-progressbar
    mocha (2.2.0)
      ruby2_keywords (>= 0.0.5)
    multipart-post (2.4.1)
    mutex_m (0.2.0)
    nenv (0.3.0)
    net-http (0.4.1)
      uri
    net-imap (0.4.11)
      date
      net-protocol
    net-pop (0.1.2)
      net-protocol
    net-protocol (0.2.2)
      timeout
    net-smtp (0.5.0)
      net-protocol
    nio4r (2.7.3)
    nokogiri (1.16.5)
      mini_portile2 (~> 2.8.2)
      racc (~> 1.4)
    notiffany (0.1.3)
      nenv (~> 0.1)
      shellany (~> 0.0)
    parallel (1.24.0)
    parser (3.3.1.0)
      ast (~> 2.4.1)
      racc
    pg (1.5.6)
    propshaft (0.8.0)
      actionpack (>= 7.0.0)
      activesupport (>= 7.0.0)
      rack
      railties (>= 7.0.0)
    pry (0.14.2)
      coderay (~> 1.1)
      method_source (~> 1.0)
    psych (5.1.2)
      stringio
    public_suffix (5.0.5)
    puma (6.4.2)
      nio4r (~> 2.0)
    pundit (2.3.2)
      activesupport (>= 3.0.0)
    racc (1.7.3)
    rack (3.0.11)
    rack-session (2.0.0)
      rack (>= 3.0.0)
    rack-test (2.1.0)
      rack (>= 1.3)
    rackup (2.1.0)
      rack (>= 3)
      webrick (~> 1.8)
    rails (7.1.3.2)
      actioncable (= 7.1.3.2)
      actionmailbox (= 7.1.3.2)
      actionmailer (= 7.1.3.2)
      actionpack (= 7.1.3.2)
      actiontext (= 7.1.3.2)
      actionview (= 7.1.3.2)
      activejob (= 7.1.3.2)
      activemodel (= 7.1.3.2)
      activerecord (= 7.1.3.2)
      activestorage (= 7.1.3.2)
      activesupport (= 7.1.3.2)
      bundler (>= 1.15.0)
      railties (= 7.1.3.2)
    rails-dom-testing (2.2.0)
      activesupport (>= 5.0.0)
      minitest
      nokogiri (>= 1.6)
    rails-html-sanitizer (1.6.0)
      loofah (~> 2.21)
      nokogiri (~> 1.14)
    railties (7.1.3.2)
      actionpack (= 7.1.3.2)
      activesupport (= 7.1.3.2)
      irb
      rackup (>= 1.0.0)
      rake (>= 12.2)
      thor (~> 1.0, >= 1.2.2)
      zeitwerk (~> 2.6)
    rainbow (3.1.1)
    rake (13.2.1)
    ransack (4.1.1)
      activerecord (>= 6.1.5)
      activesupport (>= 6.1.5)
      i18n
    rb-fsevent (0.11.2)
    rb-inotify (0.10.1)
      ffi (~> 1.0)
    rb_sys (0.9.97)
    rdoc (6.6.3.1)
      psych (>= 4.0.0)
    regexp_parser (2.9.1)
    reline (0.5.7)
      io-console (~> 0.5)
    requestjs-rails (0.0.11)
      railties (>= 6.1.0)
    retriable (3.1.2)
    rexml (3.2.6)
    rotp (6.3.0)
    rqrcode (2.2.0)
      chunky_png (~> 1.0)
      rqrcode_core (~> 1.0)
    rqrcode_core (1.2.0)
    rubocop (1.63.5)
      json (~> 2.3)
      language_server-protocol (>= 3.17.0)
      parallel (~> 1.10)
      parser (>= 3.3.0.2)
      rainbow (>= 2.2.2, < 4.0)
      regexp_parser (>= 1.8, < 3.0)
      rexml (>= 3.2.5, < 4.0)
      rubocop-ast (>= 1.31.1, < 2.0)
      ruby-progressbar (~> 1.7)
      unicode-display_width (>= 2.4.0, < 3.0)
    rubocop-ast (1.31.3)
      parser (>= 3.3.1.0)
    rubocop-capybara (2.20.0)
      rubocop (~> 1.41)
    rubocop-erb (0.4.0)
      better_html
      rubocop (~> 1.45)
    rubocop-minitest (0.35.0)
      rubocop (>= 1.61, < 2.0)
      rubocop-ast (>= 1.31.1, < 2.0)
    rubocop-performance (1.21.0)
      rubocop (>= 1.48.1, < 2.0)
      rubocop-ast (>= 1.31.1, < 2.0)
    rubocop-rails (2.24.1)
      activesupport (>= 4.2.0)
      rack (>= 1.1)
      rubocop (>= 1.33.0, < 2.0)
      rubocop-ast (>= 1.31.1, < 2.0)
    rubocop-rake (0.6.0)
      rubocop (~> 1.0)
    ruby-progressbar (1.13.0)
    ruby2_keywords (0.0.5)
    rubyzip (2.3.2)
    rucaptcha (3.2.3)
      railties (>= 3.2)
      rb_sys (>= 0.9.86)
    selenium-webdriver (4.20.1)
      base64 (~> 0.2)
      rexml (~> 3.2, >= 3.2.5)
      rubyzip (>= 1.2.2, < 3.0)
      websocket (~> 1.0)
    shellany (0.0.1)
    smart_properties (1.17.0)
    stimulus-rails (1.3.3)
      railties (>= 6.0.0)
    stringio (3.1.0)
    thor (1.3.1)
    timeout (0.4.1)
    turbo-rails (2.0.5)
      actionpack (>= 6.0.0)
      activejob (>= 6.0.0)
      railties (>= 6.0.0)
    tzinfo (2.0.6)
      concurrent-ruby (~> 1.0)
    unaccent (0.4.0)
    unicode-display_width (2.5.0)
    uri (0.13.0)
    webmock (3.23.0)
      addressable (>= 2.8.0)
      crack (>= 0.3.2)
      hashdiff (>= 0.4.0, < 2.0.0)
    webrick (1.8.1)
    websocket (1.2.10)
    websocket-driver (0.7.6)
      websocket-extensions (>= 0.1.0)
    websocket-extensions (0.1.5)
    with_advisory_lock (5.1.0)
      activerecord (>= 6.1)
      zeitwerk (>= 2.6)
    xpath (3.2.0)
      nokogiri (~> 1.8)
    zeitwerk (2.6.14)

PLATFORMS
  ruby

DEPENDENCIES
  capybara
  debug
  easy_style!
  gem-ctags
  guard
  guard-bundler
  guard-minitest
  guard-rubocop
  minitest
  minitest-reporters
  mocha
  omni_account!
  omni_article!
  omni_comment!
  omni_pay!
  omni_region!
  omni_role!
  organization_auth!
  pg
  propshaft
  puma
  rubocop
  rubocop-capybara
  rubocop-erb (~> 0.3)
  rubocop-minitest
  rubocop-performance
  rubocop-rails
  rubocop-rake
  selenium-webdriver
  short_url!
  tenant_auth!
  user_auth!
  webmock
  wechat_open_platform_proxy!
  wechat_vendor_platform_proxy!

BUNDLED WITH
   2.3.5
